GIT
  remote: git://github.com/bf4/rawr.git
  revision: 4f039fcbc004f04c3c564b5ef16af9254a422781
  specs:
    rawr (1.4.3)
      rubyzip
      user-choices

GEM
  remote: https://rubygems.org/
  specs:
    Ascii85 (1.0.1)
    builder (3.0.0)
    fastercsv (1.5.5)
    hoe (3.0.7)
      rake (~> 0.8)
    monkeybars (1.0.5)
      rawr (>= 1.3.7)
    pdf-reader (1.1.1)
      Ascii85 (~> 1.0.0)
      ruby-rc4
    prawn (0.12.0)
      pdf-reader (>= 0.9.0)
      ttfunk (~> 1.0.2)
    rake (0.9.2.2)
    rspec (1.3.0)
    ruby-rc4 (0.1.5)
    rubyzip (0.9.9)
    s4t-utils (1.0.4)
      hoe (>= 1.3.0)
    ttfunk (1.0.3)
    user-choices (1.1.6.1)
      builder (>= 2.1.2)
      s4t-utils (>= 1.0.3)
      xml-simple (>= 1.0.11)
    xml-simple (1.1.1)

PLATFORMS
  java

DEPENDENCIES
  fastercsv
  monkeybars
  prawn
  rawr!
  rspec (= 1.3)
