GEM
  remote: https://rubygems.org/
  remote: http://gems.neurogami.com/
  specs:
    Ascii85 (1.0.1)
    bouncy-castle-java (1.5.0147)
    builder (3.2.3)
    fastercsv (1.5.5)
    hoe (3.19.0)
      rake (>= 0.8, < 13.0)
    jruby-openssl (0.9.4)
      bouncy-castle-java (>= 1.5.0147)
    monkeybars (1.1.2)
      rawr (>= 1.4.4)
      swingset (>= 0.3.0)
    pdf-reader (1.1.1)
      Ascii85 (~> 1.0.0)
      ruby-rc4
    prawn (0.12.0)
      pdf-reader (>= 0.9.0)
      ttfunk (~> 1.0.2)
    rake (12.3.3)
    rawr (1.6.4)
      rubyzip
      user-choices
    rspec (1.3.0)
    ruby-rc4 (0.1.5)
    rubyzip (2.0.0)
    s4t-utils (1.0.4)
      hoe (>= 1.3.0)
    swingset (0.5.2)
    ttfunk (1.0.3)
    user-choices (1.1.6.1)
      builder (>= 2.1.2)
      s4t-utils (>= 1.0.3)
      xml-simple (>= 1.0.11)
    xml-simple (1.1.5)

PLATFORMS
  java
  ruby

DEPENDENCIES
  fastercsv
  jruby-openssl
  monkeybars
  prawn
  rawr (= 1.6.4)
  rspec (= 1.3)
